PATH
  remote: .
  specs:
    CMG (0.1.0)

GEM
  remote: https://rubygems.org/
  specs:
    diff-lcs (1.3)
    io-console (0.5.6)
    irb (1.2.4)
      reline (>= 0.0.1)
    minitest (5.14.1)
    rake (12.3.3)
    rdoc (6.2.1)
    reline (0.1.4)
      io-console (~> 0.5)
    rspec (3.9.0)
      rspec-core (~> 3.9.0)
      rspec-expectations (~> 3.9.0)
      rspec-mocks (~> 3.9.0)
    rspec-core (3.9.2)
      rspec-support (~> 3.9.3)
    rspec-expectations (3.9.2)
      diff-lcs (>= 1.2.0, < 2.0)
      rspec-support (~> 3.9.0)
    rspec-mocks (3.9.1)
      diff-lcs (>= 1.2.0, < 2.0)
      rspec-support (~> 3.9.0)
    rspec-support (3.9.3)

PLATFORMS
  ruby

DEPENDENCIES
  CMG!
  irb (~> 1.2)
  minitest (~> 5.14)
  rake (~> 12.0)
  rdoc (~> 6.2)
  rspec (~> 3.0)

BUNDLED WITH
   2.1.4
