PATH
  remote: .
  specs:
    CMG (0.1.0)

GEM
  remote: https://rubygems.org/
  specs:
    activemodel (6.0.3.1)
      activesupport (= 6.0.3.1)
    activesupport (6.0.3.1)
      concurrent-ruby (~> 1.0, >= 1.0.2)
      i18n (>= 0.7, < 2)
      minitest (~> 5.1)
      tzinfo (~> 1.1)
      zeitwerk (~> 2.2, >= 2.2.2)
    concurrent-ruby (1.1.6)
    diff-lcs (1.3)
    i18n (1.8.2)
      concurrent-ruby (~> 1.0)
    irb (1.2.4)
      reline (>= 0.0.1)
    minitest (5.14.1)
    rake (12.3.3)
    rdoc (6.2.1)
    reline (0.0.7)
    rspec (3.9.0)
      rspec-core (~> 3.9.0)
      rspec-expectations (~> 3.9.0)
      rspec-mocks (~> 3.9.0)
    rspec-core (3.9.2)
      rspec-support (~> 3.9.3)
    rspec-expectations (3.9.2)
      diff-lcs (>= 1.2.0, < 2.0)
      rspec-support (~> 3.9.0)
    rspec-mocks (3.9.1)
      diff-lcs (>= 1.2.0, < 2.0)
      rspec-support (~> 3.9.0)
    rspec-support (3.9.3)
    thread_safe (0.3.6)
    tzinfo (1.2.10)
      thread_safe (~> 0.1)
    zeitwerk (2.3.0)

PLATFORMS
  ruby

DEPENDENCIES
  CMG!
  activemodel
  irb (~> 1.2)
  minitest (~> 5.14)
  rake (~> 12.0)
  rdoc (~> 6.2)
  rspec (~> 3.0)

BUNDLED WITH
   2.1.4
